PATH
  remote: .
  specs:
    fixer (1.0.0)

GEM
  remote: https://rubygems.org/
  specs:
    addressable (2.8.0)
      public_suffix (>= 2.0.2, < 5.0)
    ast (2.3.0)
    crack (0.4.3)
      safe_yaml (~> 1.0.0)
    hashdiff (0.3.7)
    minitest (5.10.3)
    parallel (1.12.1)
    parser (2.4.0.2)
      ast (~> 2.3)
    powerpack (0.1.1)
    public_suffix (4.0.6)
    rainbow (3.0.0)
    rake (12.3.0)
    rubocop (0.52.1)
      parallel (~> 1.10)
      parser (>= 2.4.0.2, < 3.0)
      powerpack (~> 0.1)
      rainbow (>= 2.2.2, < 4.0)
      ruby-progressbar (~> 1.7)
      unicode-display_width (~> 1.0, >= 1.0.1)
    ruby-progressbar (1.9.0)
    safe_yaml (1.0.4)
    unicode-display_width (1.3.0)
    vcr (4.0.0)
    webmock (3.1.1)
      addressable (>= 2.3.6)
      crack (>= 0.3.2)
      hashdiff

PLATFORMS
  ruby

DEPENDENCIES
  bundler
  fixer!
  minitest
  rake
  rubocop
  vcr
  webmock

BUNDLED WITH
   1.16.1
